GEM
  remote: https://rubygems.org/
  specs:
    celluloid (0.15.2)
      timers (~> 1.1.0)
    celluloid-io (0.15.0)
      celluloid (>= 0.15.0)
      nio4r (>= 0.5.0)
    mini_portile (0.5.2)
    nio4r (1.0.0)
    nio4r (1.0.0-java)
    nokogiri (1.6.1)
      mini_portile (~> 0.5.0)
    nokogiri (1.6.1-java)
      mini_portile (~> 0.5.0)
    timers (1.1.0)

PLATFORMS
  java
  ruby

DEPENDENCIES
  celluloid
  celluloid-io
  nokogiri
